GEM
  remote: http://rubygems.org/
  specs:
    docile (1.1.5)
    eventmachine (1.0.7)
    json (1.8.2)
    metaclass (0.0.4)
    minitest (5.6.1)
    mocha (1.1.0)
      metaclass (~> 0.0.1)
    rake (10.4.2)
    simplecov (0.10.0)
      docile (~> 1.1.0)
      json (~> 1.8)
      simplecov-html (~> 0.10.0)
    simplecov-html (0.10.0)
    simplecov-rcov (0.2.3)
      simplecov (>= 0.4.1)
    zscheduler (0.0.6)
      eventmachine

PLATFORMS
  ruby

DEPENDENCIES
  eventmachine (>= 0.3.3)
  jruby-openssl
  minitest
  mocha
  rake (>= 0.9.2.2)
  simplecov
  simplecov-rcov
  zscheduler (>= 0.0.5)
