GEM
  remote: http://rubygems.org/
  specs:
    ansi (1.4.2)
    eventmachine (0.12.10)
    metaclass (0.0.1)
    minitest (2.12.1)
    mocha (0.11.0)
      metaclass (~> 0.0.1)
    rake (0.9.2.2)
    turn (0.9.5)
      ansi

PLATFORMS
  ruby

DEPENDENCIES
  eventmachine (>= 0.3.3)
  minitest
  mocha
  rake
  turn
