GEM
  remote: http://rubygems.org/
  specs:
    builder (3.0.0)
    rack (1.3.5)
    rack-protection (1.1.4)
      rack
    rake (0.9.2.2)

PLATFORMS
  ruby

DEPENDENCIES
  rake
