GEM
  remote: http://rubygems.org/
  specs:
    eventmachine (1.0.3)
    metaclass (0.0.4)
    minitest (5.3.3)
    mocha (1.0.0)
      metaclass (~> 0.0.1)
    multi_json (1.3.7)
    rake (0.9.2.2)
    simplecov (0.7.1)
      multi_json (~> 1.0)
      simplecov-html (~> 0.7.1)
    simplecov-html (0.7.1)
    simplecov-rcov (0.2.3)
      simplecov (>= 0.4.1)
    zscheduler (0.0.5)
      eventmachine

PLATFORMS
  ruby

DEPENDENCIES
  eventmachine (>= 0.3.3)
  jruby-openssl
  minitest
  mocha
  rake (>= 0.9.2.2)
  simplecov
  simplecov-rcov
  zscheduler (>= 0.0.5)
