GEM
  remote: http://rubygems.org/
  specs:
    builder (3.0.0)
    geminabox (0.4.0)
      builder
      sinatra
    rack (1.3.5)
    rack-protection (1.1.4)
      rack
    rake (0.9.2.2)
    sinatra (1.3.1)
      rack (~> 1.3, >= 1.3.4)
      rack-protection (~> 1.1, >= 1.1.2)
      tilt (~> 1.3, >= 1.3.3)
    tilt (1.3.3)

PLATFORMS
  ruby

DEPENDENCIES
  geminabox
  rake
