GEM
  remote: http://rubygems.org/
  specs:
    ansi (1.4.2)
    eventmachine (0.12.10)
    metaclass (0.0.1)
    minitest (2.12.1)
    mocha (0.11.0)
      metaclass (~> 0.0.1)
    multi_json (1.3.7)
    rake (0.9.2.2)
    simplecov (0.7.1)
      multi_json (~> 1.0)
      simplecov-html (~> 0.7.1)
    simplecov-html (0.7.1)
    simplecov-rcov (0.2.3)
      simplecov (>= 0.4.1)
    turn (0.9.5)
      ansi

PLATFORMS
  ruby

DEPENDENCIES
  eventmachine (>= 0.3.3)
  minitest
  mocha
  rake
  simplecov
  simplecov-rcov
  turn
